GEM
  remote: http://rubygems.org/
  specs:
    mime-types (1.18)
    rack (1.4.1)
    rack-protection (1.2.0)
      rack
    sinatra (1.3.2)
      rack (~> 1.3, >= 1.3.6)
      rack-protection (~> 1.2)
      tilt (~> 1.3, >= 1.3.3)
    tilt (1.3.3)
    uber-s3 (0.2.1)
      mime-types (~> 1.17)

PLATFORMS
  ruby

DEPENDENCIES
  sinatra
  uber-s3
