GIT
  remote: https://github.com/sinatra/sinatra.git
  revision: 298466de07baa85a4aa01eb91145fa26c4342d55
  branch: master
  specs:
    sinatra (1.4.6)
      rack (~> 1.4)
      rack-protection (~> 1.4)
      tilt (>= 1.3, < 3)

GEM
  remote: http://rubygems.org/
  specs:
    backports (3.6.4)
    builder (3.2.2)
    colorize (0.7.7)
    diff-lcs (1.2.5)
    domain_name (0.5.24)
      unf (>= 0.0.5, < 1.0.0)
    http-cookie (1.0.2)
      domain_name (~> 0.5)
    json (1.8.2)
    kgio (2.9.3)
    mime-types (1.25.1)
    mini_portile (0.6.2)
    multi_json (1.11.0)
    netrc (0.10.3)
    nokogiri (1.6.6.2)
      mini_portile (~> 0.6.0)
    rack (1.6.0)
    rack-protection (1.5.3)
      rack
    rack-test (0.6.3)
      rack (>= 1.0)
    raindrops (0.13.0)
    rake (10.4.2)
    rest-client (1.8.0)
      http-cookie (>= 1.0.2, < 2.0)
      mime-types (>= 1.16, < 3.0)
      netrc (~> 0.7)
    rspec (3.2.0)
      rspec-core (~> 3.2.0)
      rspec-expectations (~> 3.2.0)
      rspec-mocks (~> 3.2.0)
    rspec-core (3.2.3)
      rspec-support (~> 3.2.0)
    rspec-expectations (3.2.1)
      diff-lcs (>= 1.2.0, < 2.0)
      rspec-support (~> 3.2.0)
    rspec-its (1.2.0)
      rspec-core (>= 3.0.0)
      rspec-expectations (>= 3.0.0)
    rspec-legacy_formatters (1.0.0)
      rspec-core (>= 3.0.0.beta2)
      rspec-support (>= 3.0.0.beta2)
    rspec-mocks (3.2.1)
      diff-lcs (>= 1.2.0, < 2.0)
      rspec-support (~> 3.2.0)
    rspec-rerun (0.3.0)
      rspec
    rspec-support (3.2.2)
    rspec_junit_formatter (0.2.1)
      builder (< 4)
      rspec-core (>= 2, < 4, != 2.12.0)
    sinatra-contrib (1.4.2)
      backports (>= 2.0)
      multi_json
      rack-protection
      rack-test
      sinatra (~> 1.4.0)
      tilt (~> 1.3)
    tilt (1.4.1)
    uber-s3 (0.2.4)
      mime-types (~> 1.17)
    unf (0.1.4)
      unf_ext
    unf_ext (0.0.7.1)
    unicorn (4.9.0)
      kgio (~> 2.6)
      rack
      raindrops (~> 0.7)
    yajl-ruby (1.2.1)

PLATFORMS
  ruby

DEPENDENCIES
  colorize
  json
  nokogiri
  rack-test
  rake
  rest-client
  rspec
  rspec-its
  rspec-legacy_formatters
  rspec-rerun
  rspec_junit_formatter
  sinatra!
  sinatra-contrib
  uber-s3
  unicorn
  yajl-ruby
