GIT
  remote: http://github.com/sinatra/sinatra.git
  revision: 4c09fde009e9b939d1df77ce97f9acb40a9a9ed4
  branch: master
  specs:
    sinatra (1.4.4)
      rack (~> 1.4)
      rack-protection (~> 1.4)
      tilt (~> 1.3, >= 1.3.4)

GEM
  remote: http://rubygems.org/
  specs:
    backports (3.3.5)
    builder (3.2.2)
    colorize (0.6.0)
    diff-lcs (1.2.5)
    json (1.8.1)
    kgio (2.8.1)
    mime-types (1.25.1)
    mini_portile (0.5.2)
    multi_json (1.8.2)
    nokogiri (1.6.0)
      mini_portile (~> 0.5.0)
    rack (1.5.2)
    rack-protection (1.5.1)
      rack
    rack-test (0.6.2)
      rack (>= 1.0)
    raindrops (0.12.0)
    rake (10.1.0)
    rest-client (1.6.7)
      mime-types (>= 1.16)
    rspec (2.14.1)
      rspec-core (~> 2.14.0)
      rspec-expectations (~> 2.14.0)
      rspec-mocks (~> 2.14.0)
    rspec-core (2.14.7)
    rspec-expectations (2.14.4)
      diff-lcs (>= 1.1.3, < 2.0)
    rspec-mocks (2.14.4)
    rspec-rerun (0.1.3)
      rspec (>= 2.11.0)
    rspec_junit_formatter (0.1.6)
      builder
      rspec (~> 2.0)
      rspec-core (!= 2.12.0)
    sinatra-contrib (1.4.2)
      backports (>= 2.0)
      multi_json
      rack-protection
      rack-test
      sinatra (~> 1.4.0)
      tilt (~> 1.3)
    tilt (1.4.1)
    uber-s3 (0.2.4)
      mime-types (~> 1.17)
    unicorn (4.7.0)
      kgio (~> 2.6)
      rack
      raindrops (~> 0.7)
    yajl-ruby (1.1.0)

PLATFORMS
  ruby

DEPENDENCIES
  colorize
  json
  nokogiri
  rack-test
  rake
  rest-client
  rspec
  rspec-rerun
  rspec_junit_formatter
  sinatra!
  sinatra-contrib
  uber-s3
  unicorn
  yajl-ruby
